PATH
  remote: .
  specs:
    mvnrepocopy (0.1.0)

GEM
  remote: https://rubygems.org/
  specs:
    ast (2.4.2)
    async (1.31.0)
      console (~> 1.10)
      nio4r (~> 2.3)
      timers (~> 4.1)
    async-http (0.63.0)
      async (>= 1.25)
      async-io (>= 1.28)
      async-pool (>= 0.2)
      protocol-http (~> 0.26.0)
      protocol-http1 (~> 0.18.0)
      protocol-http2 (~> 0.16.0)
      traces (>= 0.10.0)
    async-io (1.41.0)
      async
    async-pool (0.4.0)
      async (>= 1.25)
    coderay (1.1.3)
    console (1.23.4)
      fiber-annotation
      fiber-local
      json
    fiber-annotation (0.2.0)
    fiber-local (1.0.0)
    httpclient (2.8.3)
    json (2.7.1)
    language_server-protocol (3.17.0.3)
    method_source (1.0.0)
    minitest (5.22.2)
    nio4r (2.7.0)
    nokogiri (1.16.2-x86_64-linux)
      racc (~> 1.4)
    parallel (1.24.0)
    parser (3.3.0.5)
      ast (~> 2.4.1)
      racc
    protocol-hpack (1.4.2)
    protocol-http (0.26.1)
    protocol-http1 (0.18.0)
      protocol-http (~> 0.22)
    protocol-http2 (0.16.0)
      protocol-hpack (~> 1.4)
      protocol-http (~> 0.18)
    pry (0.14.2)
      coderay (~> 1.1)
      method_source (~> 1.0)
    racc (1.7.3)
    rainbow (3.1.1)
    rake (13.1.0)
    rchardet (1.8.0)
    regexp_parser (2.9.0)
    rexml (3.2.6)
    rubocop (1.60.2)
      json (~> 2.3)
      language_server-protocol (>= 3.17.0)
      parallel (~> 1.10)
      parser (>= 3.3.0.2)
      rainbow (>= 2.2.2, < 4.0)
      regexp_parser (>= 1.8, < 3.0)
      rexml (>= 3.2.5, < 4.0)
      rubocop-ast (>= 1.30.0, < 2.0)
      ruby-progressbar (~> 1.7)
      unicode-display_width (>= 2.4.0, < 3.0)
    rubocop-ast (1.30.0)
      parser (>= 3.2.1.0)
    ruby-progressbar (1.13.0)
    thread-local (1.1.0)
    timers (4.3.5)
    traces (0.11.1)
    unicode-display_width (2.5.0)

PLATFORMS
  x86_64-linux

DEPENDENCIES
  async (~> 1.31)
  async-http (~> 0.63.0)
  httpclient (~> 2.8)
  minitest (~> 5.0)
  mvnrepocopy!
  nokogiri (~> 1.16)
  pry (~> 0.14.2)
  rake (~> 13.0)
  rchardet (~> 1.8)
  rubocop (~> 1.21)
  thread-local (~> 1.1)

BUNDLED WITH
   2.3.5
